GIT
  remote: git://github.com/jlong/rack-codehighlighter.git
  revision: a6882034e55395e4f4bbb9b457acd1566fc009a8
  specs:
    rack-codehighlighter (0.4.7)
      nokogiri (>= 1.4.1)
      rack (>= 1.0.0)

GEM
  remote: http://rubygems.org/
  specs:
    activesupport (3.0.9)
    chunky_png (1.2.0)
    compass (0.11.5)
      chunky_png (~> 1.2)
      fssm (>= 0.2.7)
      sass (~> 3.1)
    fssm (0.2.7)
    i18n (0.6.0)
    nokogiri (1.5.0)
    rack (1.3.1)
    rack-test (0.6.0)
      rack (>= 1.0)
    rygments (0.2.0)
    sass (3.1.4)
    serve (1.5.1)
      activesupport (~> 3.0)
      i18n
      rack (~> 1.2)
      rack-test (~> 0.5)
      tilt (~> 1.3)
      tzinfo
    tilt (1.3.2)
    tzinfo (0.3.29)

PLATFORMS
  ruby

DEPENDENCIES
  compass
  rack-codehighlighter!
  rygments
  serve (= 1.5.1)
