GIT
  remote: git://github.com/jlong/rack-codehighlighter.git
  revision: 6c5dcb784d14d113abf7c3a0458cdf1223adf26a
  specs:
    rack-codehighlighter (0.4.7)
      nokogiri (>= 1.4.1)
      rack (>= 1.0.0)

GEM
  remote: http://rubygems.org/
  specs:
    activesupport (3.0.9)
    blankslate (2.1.2.4)
    chunky_png (1.2.0)
    compass (0.11.5)
      chunky_png (~> 1.2)
      fssm (>= 0.2.7)
      sass (~> 3.1)
    ffi (1.0.9)
    fssm (0.2.7)
    i18n (0.6.0)
    nokogiri (1.5.0)
    pygments.rb (0.1.2)
      rubypython (>= 0.5.1)
    rack (1.3.1)
    rack-test (0.6.0)
      rack (>= 1.0)
    rubypython (0.5.1)
      blankslate (>= 2.1.2.3)
      ffi (~> 1.0.7)
    sass (3.1.4)
    serve (1.5.1)
      activesupport (~> 3.0)
      i18n
      rack (~> 1.2)
      rack-test (~> 0.5)
      tilt (~> 1.3)
      tzinfo
    tilt (1.3.2)
    tzinfo (0.3.29)

PLATFORMS
  ruby

DEPENDENCIES
  compass
  pygments.rb
  rack-codehighlighter!
  serve (= 1.5.1)
