GEM
  remote: http://rubygems.org/
  specs:
    activesupport (3.0.5)
    compass (0.10.6)
      haml (>= 3.0.4)
    haml (3.0.25)
    i18n (0.4.2)
    rack (1.2.2)
    serve (1.0.0)
      activesupport (~> 3.0.1)
      i18n (~> 0.4.1)
      rack (~> 1.2.1)
      tzinfo (~> 0.3.23)
    tzinfo (0.3.25)

PLATFORMS
  ruby

DEPENDENCIES
  compass (~> 0.10.6)
  haml (~> 3.0.23)
  serve (~> 1.0.0)
